GEM
  remote: http://rubygems.org/
  specs:
    diff-lcs (1.1.2)
    git (1.2.5)
    jeweler (1.5.1)
      bundler (~> 1.0.0)
      git (>= 1.2.5)
      rake
    json (1.4.6)
    rake (0.8.7)
    rspec (2.2.0)
      rspec-core (~> 2.2)
      rspec-expectations (~> 2.2)
      rspec-mocks (~> 2.2)
    rspec-core (2.2.1)
    rspec-expectations (2.2.0)
      diff-lcs (~> 1.1.2)
    rspec-mocks (2.2.0)
    simplecov (0.3.7)
      simplecov-html (>= 0.3.7)
    simplecov-html (0.3.9)

PLATFORMS
  ruby

DEPENDENCIES
  bundler (~> 1.0.0)
  jeweler (~> 1.5.1)
  json
  rspec (~> 2.2.0)
  simplecov (>= 0.3.5)
